Brain Vision Data Exchange Header File Version 1.0
; Data created by the Vision Recorder

[Common Infos]
Codepage=UTF-8
DataFile=jd_f0_02.eeg
MarkerFile=jd_f0_02.vmrk
DataFormat=BINARY
; Data orientation: MULTIPLEXED=ch1,pt1, ch2,pt1 ...
DataOrientation=MULTIPLEXED
NumberOfChannels=72
; Sampling interval in microseconds
SamplingInterval=2000

[Binary Infos]
BinaryFormat=IEEE_FLOAT_32

[Channel Infos]
; Each entry: Ch<Channel number>=<Name>,<Reference channel name>,
; <Resolution in "Unit">,<Unit>, Future extensions..
; Fields are delimited by commas, some fields might be omitted (empty).
; Commas in channel names are coded as "\1".
Ch1=1,,0.01839,µV
Ch2=2,,0.01839,µV
Ch3=3,,0.01839,µV
Ch4=4,,0.01839,µV
Ch5=5,,0.01839,µV
Ch6=6,,0.01839,µV
Ch7=7,,0.01839,µV
Ch8=8,,0.01839,µV
Ch9=9,,0.01839,µV
Ch10=10,,0.01839,µV
Ch11=11,,0.01839,µV
Ch12=12,,0.01839,µV
Ch13=13,,0.01839,µV
Ch14=14,,0.01839,µV
Ch15=15,,0.01839,µV
Ch16=16,,0.01839,µV
Ch17=17,,0.01839,µV
Ch18=18,,0.01839,µV
Ch19=19,,0.01839,µV
Ch20=20,,0.01839,µV
Ch21=21,,0.01839,µV
Ch22=22,,0.01839,µV
Ch23=23,,0.01839,µV
Ch24=24,,0.01839,µV
Ch25=25,,0.01839,µV
Ch26=26,,0.01839,µV
Ch27=27,,0.01839,µV
Ch28=28,,0.01839,µV
Ch29=29,,0.01839,µV
Ch30=30,,0.01839,µV
Ch31=31,,0.01839,µV
Ch32=32,,0.01839,µV
Ch33=33,,0.01839,µV
Ch34=34,,0.01839,µV
Ch35=35,,0.01839,µV
Ch36=36,,0.01839,µV
Ch37=37,,0.01839,µV
Ch38=38,,0.01839,µV
Ch39=39,,0.01839,µV
Ch40=40,,0.01839,µV
Ch41=41,,0.01839,µV
Ch42=42,,0.01839,µV
Ch43=43,,0.01839,µV
Ch44=44,,0.01839,µV
Ch45=45,,0.01839,µV
Ch46=46,,0.01839,µV
Ch47=47,,0.01839,µV
Ch48=48,,0.01839,µV
Ch49=49,,0.01839,µV
Ch50=50,,0.01839,µV
Ch51=51,,0.01839,µV
Ch52=52,,0.01839,µV
Ch53=53,,0.01839,µV
Ch54=54,,0.01839,µV
Ch55=55,,0.01839,µV
Ch56=56,,0.01839,µV
Ch57=57,,0.01839,µV
Ch58=58,,0.01839,µV
Ch59=59,,0.01839,µV
Ch60=60,,0.01839,µV
Ch61=61,,0.01839,µV
Ch62=62,,0.01839,µV
Ch63=63,,0.01839,µV
Ch64=64,,0.01839,µV
Ch65=65,,0.01839,µV
Ch66=66,,0.01839,µV
Ch67=67,,0.01839,µV
Ch68=68,,0.01839,µV
Ch69=69,,0.48828,µV
Ch70=70,,0.48828,µV
Ch71=71,,0.48828,µV
Ch72=72,,0.48828,µV

[Comment]

A m p l i f i e r  S e t u p
============================
Number of channels: 72
Sampling Rate [Hz]: 500
Sampling Interval [µS]: 2000

Channels
--------
#     Name      Phys. Chn.    Resolution / Unit   Low Cutoff [s]   High Cutoff [Hz]   Notch [Hz]    Gradient         Offset
1     1           1            0.01839 µV             DC              100              Off
2     2           2            0.01839 µV             DC              100              Off
3     3           3            0.01839 µV             DC              100              Off
4     4           4            0.01839 µV             DC              100              Off
5     5           5            0.01839 µV             DC              100              Off
6     6           6            0.01839 µV             DC              100              Off
7     7           7            0.01839 µV             DC              100              Off
8     8           8            0.01839 µV             DC              100              Off
9     9           9            0.01839 µV             DC              100              Off
10    10          10           0.01839 µV             DC              100              Off
11    11          11           0.01839 µV             DC              100              Off
12    12          12           0.01839 µV             DC              100              Off
13    13          13           0.01839 µV             DC              100              Off
14    14          14           0.01839 µV             DC              100              Off
15    15          15           0.01839 µV             DC              100              Off
16    16          16           0.01839 µV             DC              100              Off
17    17          17           0.01839 µV             DC              100              Off
18    18          18           0.01839 µV             DC              100              Off
19    19          19           0.01839 µV             DC              100              Off
20    20          20           0.01839 µV             DC              100              Off
21    21          21           0.01839 µV             DC              100              Off
22    22          22           0.01839 µV             DC              100              Off
23    23          23           0.01839 µV             DC              100              Off
24    24          24           0.01839 µV             DC              100              Off
25    25          25           0.01839 µV             DC              100              Off
26    26          26           0.01839 µV             DC              100              Off
27    27          27           0.01839 µV             DC              100              Off
28    28          28           0.01839 µV             DC              100              Off
29    29          29           0.01839 µV             DC              100              Off
30    30          30           0.01839 µV             DC              100              Off
31    31          31           0.01839 µV             DC              100              Off
32    32          32           0.01839 µV             DC              100              Off
33    33          33           0.01839 µV             DC              100              Off
34    34          34           0.01839 µV             DC              100              Off
35    35          35           0.01839 µV             DC              100              Off
36    36          36           0.01839 µV             DC              100              Off
37    37          37           0.01839 µV             DC              100              Off
38    38          38           0.01839 µV             DC              100              Off
39    39          39           0.01839 µV             DC              100              Off
40    40          40           0.01839 µV             DC              100              Off
41    41          41           0.01839 µV             DC              100              Off
42    42          42           0.01839 µV             DC              100              Off
43    43          43           0.01839 µV             DC              100              Off
44    44          44           0.01839 µV             DC              100              Off
45    45          45           0.01839 µV             DC              100              Off
46    46          46           0.01839 µV             DC              100              Off
47    47          47           0.01839 µV             DC              100              Off
48    48          48           0.01839 µV             DC              100              Off
49    49          49           0.01839 µV             DC              100              Off
50    50          50           0.01839 µV             DC              100              Off
51    51          51           0.01839 µV             DC              100              Off
52    52          52           0.01839 µV             DC              100              Off
53    53          53           0.01839 µV             DC              100              Off
54    54          54           0.01839 µV             DC              100              Off
55    55          55           0.01839 µV             DC              100              Off
56    56          56           0.01839 µV             DC              100              Off
57    57          57           0.01839 µV             DC              100              Off
58    58          58           0.01839 µV             DC              100              Off
59    59          59           0.01839 µV             DC              100              Off
60    60          60           0.01839 µV             DC              100              Off
61    61          61           0.01839 µV             DC              100              Off
62    62          62           0.01839 µV             DC              100              Off
63    63          63           0.01839 µV             DC              100              Off
64    64          64           0.01839 µV             DC              100              Off
65    65          65           0.01839 µV             DC              100              Off
66    66          66           0.01839 µV             DC              100              Off
67    67          67           0.01839 µV             DC              100              Off
68    68          68           0.01839 µV             DC              100              Off
69    69          69           0.48828 µV             DC              100              Off
70    70          70           0.48828 µV             DC              100              Off
71    71          71           0.48828 µV             DC              100              Off
72    72          72           0.48828 µV             DC              100              Off

S o f t w a r e  F i l t e r s
==============================
Disabled


Impedance [kOhm] at 15:10:32 :
1:            2
2:            2
3:            2
4:            1
5:            2
6:            3
7:            2
8:            2
9:            0
10:           2
11:           3
12:           3
13:           1
14:           2
15:           1
16:           2
17:           1
18:           2
19:           2
20:           1
21:           3
22:           1
23:           2
24:           3
25:           1
26:           4
27:           1
28:           1
29:           0
30:           1
31:           0
32:           3
33:           2
34:           2
35:       Out of Range!
36:           1
37:           1
38:           0
39:           1
40:           1
41:           1
42:           0
43:           1
44:           5
45:       Out of Range!
46:       Out of Range!
47:       Out of Range!
48:       Out of Range!
49:           1
50:           4
51:           7
52:           3
53:           7
54:       Out of Range!
55:           0
56:       Out of Range!
57:       Out of Range!
58:       Out of Range!
59:       Out of Range!
60:       Out of Range!
61:       Out of Range!
62:       Out of Range!
63:       Out of Range!
64:       Out of Range!
